GIT
  remote: git://github.com/vwall/compass-twitter-bootstrap.git
  revision: 68bf19dcc21ba72057e2c605a7cd18089569dea5
  tag: v2.0.1.1
  specs:
    compass_twitter_bootstrap (2.0.1.1)
      compass

GIT
  remote: git@github.com:bengler/snowball.git
  revision: 02e32f38dc1184835d609c1ab94c4e7accfbedda
  specs:
    snowball (0.1.2)

GEM
  remote: http://rubygems.org/
  specs:
    activesupport (3.2.8)
      i18n (~> 0.6)
      multi_json (~> 1.0)
    airbrake (3.1.4)
      builder
      girl_friday
    backports (2.6.4)
    blankslate (3.1.2)
    builder (3.1.3)
    bunny (0.8.0)
    chunky_png (1.2.6)
    compass (0.12.alpha.0)
      chunky_png (~> 1.2)
      fssm (>= 0.2.7)
      sass (~> 3.1)
    connection_pool (0.9.2)
    curb (0.8.1)
    dalli (2.2.1)
    deepstruct (0.0.2)
    eventmachine (0.12.10)
    execjs (1.4.0)
      multi_json (~> 1.0)
    ffi (1.0.11)
    fssm (0.2.9)
    futurevalue (0.0.2)
    girl_friday (0.10.0)
      connection_pool (~> 0.9.0)
    haml (3.1.7)
    hike (1.2.1)
    i18n (0.6.1)
    kgio (2.7.4)
    multi_json (1.3.6)
    nokogiri (1.5.5)
    pathbuilder (0.0.2)
    pebblebed (0.0.23)
      activesupport
      bunny
      curb (>= 0.7.14)
      deepstruct (>= 0.0.2)
      futurevalue
      i18n
      nokogiri
      pathbuilder
      queryparams
      yajl-ruby
    pygments.rb (0.2.13)
      rubypython (~> 0.5.3)
    queryparams (0.0.3)
    rack (1.4.1)
    rack-protection (1.2.0)
      rack
    rack-test (0.6.1)
      rack (>= 1.0)
    raindrops (0.10.0)
    rake (0.9.2.2)
    redcarpet (2.1.1)
    rubypython (0.5.3)
      blankslate (>= 2.1.2.3)
      ffi (~> 1.0.7)
    sass (3.2.1)
    sinatra (1.3.3)
      rack (~> 1.3, >= 1.3.6)
      rack-protection (~> 1.2)
      tilt (~> 1.3, >= 1.3.3)
    sinatra-contrib (1.3.1)
      backports (>= 2.0)
      eventmachine
      rack-protection
      rack-test
      sinatra (~> 1.3.0)
      tilt (~> 1.3)
    sprockets (2.4.5)
      hike (~> 1.2)
      multi_json (~> 1.0)
      rack (~> 1.0)
      tilt (~> 1.1, != 1.3.0)
    sprockets-helpers (0.6.1)
      sprockets (~> 2.0)
    sprockets-sass (0.9.0)
      sprockets (~> 2.0)
      tilt (~> 1.1)
    tilt (1.3.3)
    uglifier (1.2.7)
      execjs (>= 0.3.0)
      multi_json (~> 1.3)
    unicorn (4.3.1)
      kgio (~> 2.6)
      rack
      raindrops (~> 0.7)
    yajl-ruby (1.1.0)

PLATFORMS
  ruby

DEPENDENCIES
  airbrake (~> 3.1.4)
  compass (= 0.12.alpha.0)
  compass_twitter_bootstrap!
  dalli
  haml
  pebblebed
  pygments.rb
  rake
  redcarpet
  sinatra
  sinatra-contrib
  snowball!
  sprockets
  sprockets-helpers
  sprockets-sass
  uglifier
  unicorn (~> 4.3.0)
